PATH
  remote: .
  specs:
    Twilito (0.1.0)

GEM
  remote: https://rubygems.org/
  specs:
    minitest (5.11.3)
    rake (10.5.0)

PLATFORMS
  ruby

DEPENDENCIES
  Twilito!
  bundler (~> 2.0)
  minitest (~> 5.11)
  rake (~> 10.0)

RUBY VERSION
   ruby 2.6.1p33

BUNDLED WITH
   2.0.1
